PATH
  remote: .
  specs:
    nokogiri_rust (0.1.0)
      fiddle

GEM
  remote: https://rubygems.org/
  specs:
    benchmark-ips (2.8.4)
    coderay (1.1.3)
    diff-lcs (1.4.4)
    fiddle (1.0.7)
    method_source (1.0.0)
    mini_portile2 (2.5.0)
    nokogiri (1.11.3)
      mini_portile2 (~> 2.5.0)
      racc (~> 1.4)
    pry (0.14.1)
      coderay (~> 1.1)
      method_source (~> 1.0)
    racc (1.5.2)
    rake (12.3.3)
    rspec (3.10.0)
      rspec-core (~> 3.10.0)
      rspec-expectations (~> 3.10.0)
      rspec-mocks (~> 3.10.0)
    rspec-core (3.10.1)
      rspec-support (~> 3.10.0)
    rspec-expectations (3.10.1)
      diff-lcs (>= 1.2.0, < 2.0)
      rspec-support (~> 3.10.0)
    rspec-mocks (3.10.2)
      diff-lcs (>= 1.2.0, < 2.0)
      rspec-support (~> 3.10.0)
    rspec-support (3.10.2)

PLATFORMS
  ruby

DEPENDENCIES
  benchmark-ips
  nokogiri
  nokogiri_rust!
  pry (~> 0.14)
  rake (~> 12.0)
  rspec (~> 3.0)

BUNDLED WITH
   2.1.4
