PATH
  remote: .
  specs:
    nokogiri_rust (0.1.0)
      ffi

GEM
  remote: https://rubygems.org/
  specs:
    benchmark-ips (2.8.3)
    coderay (1.1.3)
    diff-lcs (1.4.4)
    ffi (1.13.1)
    method_source (1.0.0)
    mini_portile2 (2.4.0)
    nokogiri (1.10.10)
      mini_portile2 (~> 2.4.0)
    pry (0.13.1)
      coderay (~> 1.1)
      method_source (~> 1.0)
    rake (12.3.3)
    rspec (3.10.0)
      rspec-core (~> 3.10.0)
      rspec-expectations (~> 3.10.0)
      rspec-mocks (~> 3.10.0)
    rspec-core (3.10.0)
      rspec-support (~> 3.10.0)
    rspec-expectations (3.10.0)
      diff-lcs (>= 1.2.0, < 2.0)
      rspec-support (~> 3.10.0)
    rspec-mocks (3.10.0)
      diff-lcs (>= 1.2.0, < 2.0)
      rspec-support (~> 3.10.0)
    rspec-support (3.10.0)

PLATFORMS
  ruby

DEPENDENCIES
  benchmark-ips
  nokogiri
  nokogiri_rust!
  pry (~> 0.13.0)
  rake (~> 12.0)
  rspec (~> 3.0)

BUNDLED WITH
   2.1.4
